PATH
  remote: .
  specs:
    rails_meta_tags (0.3.2)
      activesupport (~> 3.2)

GEM
  remote: https://rubygems.org/
  specs:
    activesupport (3.2.13)
      i18n (= 0.6.1)
      multi_json (~> 1.0)
    diff-lcs (1.2.1)
    i18n (0.6.1)
    multi_json (1.7.1)
    rake (10.0.3)
    rspec (2.13.0)
      rspec-core (~> 2.13.0)
      rspec-expectations (~> 2.13.0)
      rspec-mocks (~> 2.13.0)
    rspec-core (2.13.1)
    rspec-expectations (2.13.0)
      diff-lcs (>= 1.1.3, < 2.0)
    rspec-mocks (2.13.0)

PLATFORMS
  ruby

DEPENDENCIES
  bundler (~> 1.11.2)
  rails_meta_tags!
  rake (~> 10.0)
  rspec (~> 2.13.0)

BUNDLED WITH
   1.11.2
